GEM
  remote: https://rubygems.org/
  specs:
    activemodel (5.1.4)
      activesupport (= 5.1.4)
    activerecord (5.1.4)
      activemodel (= 5.1.4)
      activesupport (= 5.1.4)
      arel (~> 8.0)
    activesupport (5.1.4)
      concurrent-ruby (~> 1.0, >= 1.0.2)
      i18n (~> 0.7)
      minitest (~> 5.1)
      tzinfo (~> 1.1)
    arel (8.0.0)
    bond (0.5.1)
    chronic (0.10.2)
    concurrent-ruby (1.0.5)
    et-orbi (1.0.8)
      tzinfo
    faker (1.8.5)
      i18n (~> 0.9.1)
    i18n (0.9.1)
      concurrent-ruby (~> 1.0)
    lerolero_generator (1.0.1)
    minitest (5.10.3)
    mustermann (1.0.1)
    pg (0.21.0)
    pg (0.21.0-x86-mingw32)
    pg_search (2.1.1)
      activerecord (>= 4.2)
      activesupport (>= 4.2)
      arel (>= 6)
    puma (3.11.0)
    rack (2.0.3)
    rack-conneg (0.1.6)
      rack (>= 1.0)
    rack-protection (2.0.0)
      rack
    rack-test (0.6.3)
      rack (>= 1.0)
    rake (12.3.0)
    ripl (0.7.1)
      bond (~> 0.5.1)
    ripl-multi_line (0.3.1)
      ripl (>= 0.3.6)
    ripl-rack (0.2.1)
      rack (>= 1.0)
      rack-test (~> 0.6.2)
      ripl (>= 0.7.0)
    rufus-scheduler (3.4.2)
      et-orbi (~> 1.0)
    sinatra (2.0.0)
      mustermann (~> 1.0)
      rack (~> 2.0)
      rack-protection (= 2.0.0)
      tilt (~> 2.0)
    sinatra-activerecord (2.0.13)
      activerecord (>= 3.2)
      sinatra (>= 1.0)
    thread_safe (0.3.6)
    tilt (2.0.8)
    tux (0.3.0)
      ripl (>= 0.3.5)
      ripl-multi_line (>= 0.2.4)
      ripl-rack (>= 0.2.0)
      sinatra (>= 1.2.1)
    tzinfo (1.2.4)
      thread_safe (~> 0.1)
    tzinfo-data (1.2017.3)
      tzinfo (>= 1.0.0)
    whenever (0.10.0)
      chronic (>= 0.6.3)

PLATFORMS
  ruby
  x86-mingw32

DEPENDENCIES
  activerecord
  faker
  lerolero_generator
  pg
  pg_search
  puma
  rack-conneg
  rake
  rufus-scheduler
  sinatra
  sinatra-activerecord
  tux
  tzinfo-data
  whenever

BUNDLED WITH
   1.16.0
